GEM
  remote: https://rubygems.org/
  specs:
    ffi (1.9.0)
    mime-types (1.23)
    mini_portile (0.5.1)
    nokogiri (1.6.0)
      mini_portile (~> 0.5.0)
    oauth (0.4.7)
    pg (0.15.1)
    phashion (1.0.6)
    rack (1.5.2)
    rack-flash3 (1.0.3)
      rack
      rack
    rack-openid (1.3.1)
      rack (>= 1.1.0)
      ruby-openid (>= 2.1.8)
    rack-protection (1.5.0)
      rack
    ruby-openid (2.2.3)
    sequel (4.0.0)
    sinatra (1.4.3)
      rack (~> 1.4)
      rack-protection (~> 1.4)
      tilt (~> 1.3, >= 1.3.4)
    sinatra-sequel (0.9.0)
      sequel (>= 3.2.0)
      sinatra (>= 0.9.4)
    sqlite3 (1.3.7)
    tilt (1.4.1)
    typhoeus (0.4.2)
      ffi (~> 1.0)
      mime-types (~> 1.18)
    tzinfo (0.3.37)

PLATFORMS
  ruby

DEPENDENCIES
  nokogiri (~> 1.6.0)
  oauth (~> 0.4.7)
  pg
  phashion (~> 1.0.6)
  rack-flash3 (~> 1.0.3)
  rack-openid (~> 1.3.1)
  sequel (~> 4.0.0)
  sinatra (~> 1.4.3)
  sinatra-sequel (~> 0.9.0)
  sqlite3
  typhoeus (~> 0.4.2)
  tzinfo (~> 0.3.26)
