GEM
  remote: https://rubygems.org/
  specs:
    addressable (2.3.8)
    ethon (0.8.0)
      ffi (>= 1.3.0)
    ffi (1.9.10)
    mini_portile (0.6.2)
    nokogiri (1.6.6.4)
      mini_portile (~> 0.6.0)
    oauth (0.4.7)
    pg (0.18.3)
    phashion (1.1.1)
    rack (1.6.4)
    rack-flash3 (1.0.5)
      rack
    rack-protection (1.5.3)
      rack
    sequel (4.28.0)
    sinatra (1.4.6)
      rack (~> 1.4)
      rack-protection (~> 1.4)
      tilt (>= 1.3, < 3)
    sinatra-sequel (0.9.0)
      sequel (>= 3.2.0)
      sinatra (>= 0.9.4)
    thread_safe (0.3.5)
    tilt (2.0.1)
    typhoeus (0.7.3)
      ethon (>= 0.7.4)
    tzinfo (1.2.2)
      thread_safe (~> 0.1)
    yajl-ruby (1.2.1)

PLATFORMS
  ruby

DEPENDENCIES
  addressable (~> 2.3.8)
  nokogiri (~> 1.6.0)
  oauth (~> 0.4.7)
  pg (= 0.18.3)
  phashion (~> 1.1.1)
  rack-flash3 (~> 1.0.3)
  sequel (~> 4.28.0)
  sinatra (~> 1.4.3)
  sinatra-sequel (~> 0.9.0)
  typhoeus (~> 0.7.2)
  tzinfo (~> 1.2.2)
  yajl-ruby (~> 1.2.1)

BUNDLED WITH
   1.10.4
