GEM
  remote: http://rubygems.org/
  specs:
    mime-types (1.16)
    nokogiri (1.5.0)
    pg (0.11.0)
    phashion (1.0.3)
    rack (1.3.4)
    rack-flash (0.1.2)
      rack
    rack-openid (1.3.1)
      rack (>= 1.1.0)
      ruby-openid (>= 2.1.8)
    ruby-openid (2.1.8)
    sequel (3.27.0)
    sinatra (1.2.7)
      rack (~> 1.1)
      tilt (>= 1.2.2, < 2.0)
    sinatra-sequel (0.9.0)
      sequel (>= 3.2.0)
      sinatra (>= 0.9.4)
    sqlite3 (1.3.4)
    sqlite3-ruby (1.3.3)
      sqlite3 (>= 1.3.3)
    tilt (1.3.3)
    typhoeus (0.2.4)
      mime-types
      mime-types
    tzinfo (0.3.30)

PLATFORMS
  ruby

DEPENDENCIES
  nokogiri (~> 1.5.0)
  pg
  phashion (~> 1.0.3)
  rack-flash (~> 0.1.2)
  rack-openid (~> 1.3.1)
  sequel (~> 3.27.0)
  sinatra (~> 1.2.6)
  sinatra-sequel (~> 0.9.0)
  sqlite3-ruby
  typhoeus (~> 0.2.4)
  tzinfo (~> 0.3.26)
