GEM
  remote: http://rubygems.org/
  specs:
    mime-types (1.19)
    nokogiri (1.5.5)
    oauth (0.4.7)
    pg (0.14.1)
    phashion (1.0.5)
    rack (1.3.6)
    rack-flash (0.1.2)
      rack
    rack-openid (1.3.1)
      rack (>= 1.1.0)
      ruby-openid (>= 2.1.8)
    ruby-openid (2.2.2)
    sequel (3.40.0)
    sinatra (1.2.8)
      rack (~> 1.1)
      tilt (>= 1.2.2, < 2.0)
    sinatra-sequel (0.9.0)
      sequel (>= 3.2.0)
      sinatra (>= 0.9.4)
    sqlite3 (1.3.6)
    sqlite3-ruby (1.3.3)
      sqlite3 (>= 1.3.3)
    tilt (1.3.3)
    typhoeus (0.3.3)
      mime-types
    tzinfo (0.3.35)

PLATFORMS
  ruby

DEPENDENCIES
  nokogiri (~> 1.5.0)
  oauth (~> 0.4.7)
  pg
  phashion (~> 1.0.4)
  rack (~> 1.3.6)
  rack-flash (~> 0.1.2)
  rack-openid (~> 1.3.1)
  sequel (~> 3.40.0)
  sinatra (~> 1.2.6)
  sinatra-sequel (~> 0.9.0)
  sqlite3-ruby
  typhoeus (~> 0.3.3)
  tzinfo (~> 0.3.26)
