GEM
  remote: https://rubygems.org/
  specs:
    addressable (2.3.8)
    ethon (0.8.1)
      ffi (>= 1.3.0)
    ffi (1.9.10)
    foreman (0.78.0)
      thor (~> 0.19.1)
    kgio (2.10.0)
    mini_portile2 (2.0.0)
    nokogiri (1.6.7.2)
      mini_portile2 (~> 2.0.0.rc2)
    oauth (0.4.7)
    pg (0.18.4)
    phashion (1.1.1)
    rack (1.6.4)
    rack-flash3 (1.0.5)
      rack
    rack-protection (1.5.3)
      rack
    raindrops (0.15.0)
    sequel (4.30.0)
    sinatra (1.4.7)
      rack (~> 1.5)
      rack-protection (~> 1.4)
      tilt (>= 1.3, < 3)
    thor (0.19.1)
    thread_safe (0.3.5)
    tilt (2.0.2)
    typhoeus (0.8.0)
      ethon (>= 0.8.0)
    tzinfo (1.2.2)
      thread_safe (~> 0.1)
    unicorn (5.0.1)
      kgio (~> 2.6)
      rack
      raindrops (~> 0.7)
    yajl-ruby (1.2.1)

PLATFORMS
  ruby

DEPENDENCIES
  addressable (~> 2.3.8)
  foreman
  nokogiri (~> 1.6.0)
  oauth (~> 0.4.7)
  pg
  phashion (~> 1.1.1)
  rack-flash3 (~> 1.0.3)
  sequel (~> 4.30.0)
  sinatra (~> 1.4.6)
  typhoeus (~> 0.8.0)
  tzinfo (~> 1.2.2)
  unicorn
  yajl-ruby (~> 1.2.1)

BUNDLED WITH
   1.10.4
